GEM
  remote: https://rubygems.org/
  specs:
    rack (1.6.4)
    satriani (0.0.2)
      rack (>= 1.1.0)

PLATFORMS
  ruby

DEPENDENCIES
  satriani (= 0.0.2)

BUNDLED WITH
   1.10.5
